GEM
  remote: https://rubygems.org/
  specs:
    coderay (1.1.3)
    method_source (1.1.0)
    minitest (5.25.5)
    pry (0.15.2)
      coderay (~> 1.1)
      method_source (~> 1.0)

PLATFORMS
  arm64-darwin-24

DEPENDENCIES
  minitest
  pry

BUNDLED WITH
   2.4.19
